PATH
  remote: .
  specs:
    redis-cacher (0.1)
      hiredis (~> 0.4.5)
      json
      redis (>= 3.0.3)
      redis-namespace (>= 1.2.1)

GEM
  remote: http://rubygems.org/
  specs:
    diff-lcs (1.2.3)
    hiredis (0.4.5)
    json (1.7.7)
    rake (10.0.4)
    redis (3.0.4)
    redis-namespace (1.2.1)
      redis (~> 3.0.0)
    rspec (2.13.0)
      rspec-core (~> 2.13.0)
      rspec-expectations (~> 2.13.0)
      rspec-mocks (~> 2.13.0)
    rspec-core (2.13.1)
    rspec-expectations (2.13.0)
      diff-lcs (>= 1.1.3, < 2.0)
    rspec-mocks (2.13.1)

PLATFORMS
  ruby

DEPENDENCIES
  rake (>= 10.0.0)
  redis-cacher!
  rspec (>= 2.12.0)
